GEM
  remote: http://rubygems.org/
  specs:
    awesome_print (1.7.0)
    aws-sdk (2.6.3)
      aws-sdk-resources (= 2.6.3)
    aws-sdk-core (2.6.3)
      jmespath (~> 1.0)
    aws-sdk-resources (2.6.3)
      aws-sdk-core (= 2.6.3)
    jmespath (1.3.1)

PLATFORMS
  ruby

DEPENDENCIES
  awesome_print
  aws-sdk

RUBY VERSION
   ruby 2.3.0p0

BUNDLED WITH
   1.13.2
