GEM
  remote: http://rubygems.org/
  specs:
    awesome_print (1.6.1)
    aws-sdk (2.2.34)
      aws-sdk-resources (= 2.2.34)
    aws-sdk-core (2.2.34)
      jmespath (~> 1.0)
    aws-sdk-resources (2.2.34)
      aws-sdk-core (= 2.2.34)
    faraday (0.9.2)
      multipart-post (>= 1.2, < 3)
    faraday_middleware (0.10.0)
      faraday (>= 0.7.4, < 0.10)
    faraday_middleware-aws-signers-v4 (0.1.5)
      aws-sdk (~> 2.1)
      faraday (~> 0.9)
    jmespath (1.2.4)
      json_pure (>= 1.8.1)
    json_pure (1.8.3)
    multipart-post (2.0.0)

PLATFORMS
  ruby

DEPENDENCIES
  awesome_print
  aws-sdk
  faraday_middleware
  faraday_middleware-aws-signers-v4

RUBY VERSION
   ruby 2.3.0p0

BUNDLED WITH
   1.12.0.rc
